GEM
  remote: https://rubygems.org/
  specs:
    rack (2.0.3)
    shotgun (0.9.2)
      rack (>= 1.0)

PLATFORMS
  ruby

DEPENDENCIES
  rack
  shotgun

RUBY VERSION
   ruby 2.4.2p198

BUNDLED WITH
   1.15.4
